ObjectType = Image
NDims = 3
BinaryData = True
BinaryDataByteOrderMSB = False
CompressedData = False
TransformMatrix = 1 0 0 0 1 0 0 0 1
Offset = 1.52 1.52 1.22
CenterOfRotation = 0 0 0
AnatomicalOrientation = RAI
ElementSpacing = 5.04 5.04 4.4400000000000004
DimSize = 50 50 50
ElementType = MET_FLOAT
ElementDataFile = output-Dose_merged.raw
