ObjectType = Image
NDims = 3
BinaryData = True
BinaryDataByteOrderMSB = False
CompressedData = False
TransformMatrix = 1 0 0 0 1 0 0 0 1
Offset = 9.09095e-12 9.09095e-12 4.54525e-12
CenterOfRotation = 0 0 0
ElementSpacing = 4.42 4.42 4.42
DimSize = 110 110 220
AnatomicalOrientation = ???
ElementType = MET_FLOAT
ElementDataFile = out-Edep.raw
